GIT
  remote: git@github.com:Nakilon/imgur2array.git
  revision: c7bf5078aafc7958cdcb6b31836c68c44ffe978c
  tag: v0.0.3.1
  specs:
    imgur2array (0.0.3.1)

GIT
  remote: git@github.com:Nakilon/nethttputils.git
  revision: 620051619245a3b0b00447817831c6fb676d3df7
  specs:
    nethttputils (0.1.2.0)

GEM
  remote: https://rubygems.org/
  specs:
    addressable (2.5.2)
      public_suffix (>= 2.0.2, < 4.0)
    fastimage (1.8.1)
      addressable (~> 2.3, >= 2.3.5)
    json (2.1.0)
    minitest (5.11.3)
    public_suffix (3.0.2)

PLATFORMS
  ruby

DEPENDENCIES
  fastimage (~> 1.8.0)
  imgur2array!
  json
  minitest
  nethttputils!

BUNDLED WITH
   1.16.1
