GIT
  remote: git@github.com:Nakilon/imgur2array.git
  revision: 78fdf98f04a1303430365eff47674c699eae3602
  tag: v0.0.2.8
  specs:
    imgur2array (0.0.2.8)

GIT
  remote: git@github.com:Nakilon/nethttputils.git
  revision: 6c5d1615ddb2a70b6edc897241abd9e63aebaa20
  tag: v0.0.7.0
  specs:
    nethttputils (0.0.7.0)

GEM
  remote: https://rubygems.org/
  specs:
    addressable (2.5.2)
      public_suffix (>= 2.0.2, < 4.0)
    fastimage (1.7.0)
      addressable (~> 2.3, >= 2.3.5)
    json (2.1.0)
    minitest (5.11.1)
    public_suffix (2.0.5)

PLATFORMS
  ruby

DEPENDENCIES
  fastimage (= 1.7.0)
  imgur2array!
  json
  minitest
  nethttputils!

BUNDLED WITH
   1.16.0
